GEM
  remote: https://rubygems.org/
  specs:
    coderay (1.1.2)
    google-protobuf (3.6.1)
    method_source (0.9.2)
    pry (0.12.0)
      coderay (~> 1.1.0)
      method_source (~> 0.9.0)

PLATFORMS
  ruby

DEPENDENCIES
  google-protobuf
  pry

BUNDLED WITH
   1.16.1
